GIT
  remote: https://github.com/jrhe/grape-active_model_serializers
  revision: ca9c8faaa99727300ff21419aa20471ac27eed42
  specs:
    grape-active_model_serializers (1.3.1)
      active_model_serializers (>= 0.9.0)
      grape

GIT
  remote: https://github.com/stripe/stripe-ruby
  revision: 48f76057f425ab5c3bb147f3d71c3d36d951159f
  specs:
    stripe (1.11.0)
      json (~> 1.8.1)
      mime-types (~> 1.25)
      rest-client (~> 1.4)

GEM
  remote: https://rubygems.org/
  remote: https://rails-assets.org/
  specs:
    actionmailer (3.2.22)
      actionpack (= 3.2.22)
      mail (~> 2.5.4)
    actionpack (3.2.22)
      activemodel (= 3.2.22)
      activesupport (= 3.2.22)
      builder (~> 3.0.0)
      erubis (~> 2.7.0)
      journey (~> 1.0.4)
      rack (~> 1.4.5)
      rack-cache (~> 1.2)
      rack-test (~> 0.6.1)
      sprockets (~> 2.2.1)
    active_model_serializers (0.9.3)
      activemodel (>= 3.2)
    activemodel (3.2.22)
      activesupport (= 3.2.22)
      builder (~> 3.0.0)
    activerecord (3.2.22)
      activemodel (= 3.2.22)
      activesupport (= 3.2.22)
      arel (~> 3.0.2)
      tzinfo (~> 0.3.29)
    activeresource (3.2.22)
      activemodel (= 3.2.22)
      activesupport (= 3.2.22)
    activesupport (3.2.22)
      i18n (~> 0.6, >= 0.6.4)
      multi_json (~> 1.0)
    acts_as_paranoid (0.4.2)
      activerecord (~> 3.2)
    addressable (2.4.0)
    api-pagination (4.1.0)
    arel (3.0.3)
    ast (2.2.0)
    autoprefixer-rails (6.3.6.2)
      execjs
    aws-sdk (1.3.9)
      httparty (~> 0.7)
      json (~> 1.4)
      nokogiri (>= 1.4.4)
      uuidtools (~> 2.1)
    axiom-types (0.1.1)
      descendants_tracker (~> 0.0.4)
      ice_nine (~> 0.11.0)
      thread_safe (~> 0.3, >= 0.3.1)
    backbone-on-rails (0.9.10.0)
      eco
      ejs
      jquery-rails
      rails (>= 3.1)
    bcrypt-ruby (3.0.1)
    bootstrap (4.0.0.alpha3)
      autoprefixer-rails (>= 6.0.3)
      sass (>= 3.4.19)
    builder (3.0.4)
    carrierwave (0.9.0)
      activemodel (>= 3.2.0)
      activesupport (>= 3.2.0)
      json (>= 1.7)
    carrierwave_backgrounder (0.3.0)
      carrierwave (~> 0.5)
    celluloid (0.16.0)
      timers (~> 4.0.0)
    chartkick (1.3.2)
    codeclimate-test-reporter (0.3.0)
      simplecov (>= 0.7.1, < 1.0.0)
    coderay (1.1.1)
    coercible (1.0.0)
      descendants_tracker (~> 0.0.1)
    coffee-rails (3.2.2)
      coffee-script (>= 2.2.0)
      railties (~> 3.2.0)
    coffee-script (2.4.1)
      coffee-script-source
      execjs
    coffee-script-source (1.10.0)
    concurrent-ruby (1.0.1)
    connection_pool (2.2.0)
    dalli (2.7.0)
    database_cleaner (1.2.0)
    descendants_tracker (0.0.4)
      thread_safe (~> 0.3, >= 0.3.1)
    diff-lcs (1.2.5)
    docile (1.1.3)
    domain_name (0.5.24)
      unf (>= 0.0.5, < 1.0.0)
    doorkeeper (2.0.1)
      railties (>= 3.1)
    dotenv (1.0.2)
    dotenv-rails (1.0.2)
      dotenv (= 1.0.2)
    draper (2.1.0)
      actionpack (>= 3.0)
      activemodel (>= 3.0)
      activesupport (>= 3.0)
      request_store (~> 1.0)
    eco (1.0.0)
      coffee-script
      eco-source
      execjs
    eco-source (1.1.0.rc.1)
    ejs (1.1.1)
    equalizer (0.0.11)
    erubis (2.7.0)
    eventmachine (1.0.3)
    excon (0.14.3)
    execjs (2.7.0)
    factory_girl (4.2.0)
      activesupport (>= 3.0.0)
    factory_girl_rails (4.2.1)
      factory_girl (~> 4.2.0)
      railties (>= 3.0.0)
    faraday (0.9.0)
      multipart-post (>= 1.2, < 3)
    fast_blank (1.0.0)
    fast_stack (0.1.0)
      rake
      rake-compiler
    ffi (1.9.10)
    flamegraph (0.1.0)
      fast_stack
    fog (1.4.0)
      builder
      excon (~> 0.14.0)
      formatador (~> 0.2.0)
      mime-types
      multi_json (~> 1.0)
      net-scp (~> 1.0.4)
      net-ssh (>= 2.1.3)
      nokogiri (~> 1.5.0)
      ruby-hmac
    foreman (0.63.0)
      dotenv (>= 0.7)
      thor (>= 0.13.6)
    formatador (0.2.5)
    geocoder (1.2.5)
    grape (0.11.0)
      activesupport
      builder
      hashie (>= 2.1.0)
      multi_json (>= 1.3.2)
      multi_xml (>= 0.5.2)
      rack (>= 1.3.0)
      rack-accept
      rack-mount
      virtus (>= 1.0.0)
    grape-entity (0.4.4)
      activesupport
      multi_json (>= 1.3.2)
    grape-swagger (0.9.0)
      grape (>= 0.8.0)
      grape-entity
    groupdate (2.2.1)
      activesupport (>= 3)
    guard (2.13.0)
      formatador (>= 0.2.4)
      listen (>= 2.7, <= 4.0)
      lumberjack (~> 1.0)
      nenv (~> 0.1)
      notiffany (~> 0.0)
      pry (>= 0.9.12)
      shellany (~> 0.0)
      thor (>= 0.18.1)
    guard-compat (1.2.1)
    guard-rspec (4.6.5)
      guard (~> 2.1)
      guard-compat (~> 1.1)
      rspec (>= 2.99.0, < 4.0)
    guard-rubocop (1.2.0)
      guard (~> 2.0)
      rubocop (~> 0.20)
    haml (4.0.7)
      tilt
    haml-rails (0.4)
      actionpack (>= 3.1, < 4.1)
      activesupport (>= 3.1, < 4.1)
      haml (>= 3.1, < 4.1)
      railties (>= 3.1, < 4.1)
    hamlit (2.2.3)
      temple (~> 0.7.6)
      thor
      tilt
    hashie (3.4.1)
    high_voltage (2.1.0)
    hike (1.2.3)
    hiredis (0.6.1)
    hitimes (1.2.3)
    honeybadger (2.5.3)
    http (0.9.8)
      addressable (~> 2.3)
      http-cookie (~> 1.0)
      http-form_data (~> 1.0.1)
      http_parser.rb (~> 0.6.0)
    http-cookie (1.0.2)
      domain_name (~> 0.5)
    http-form_data (1.0.1)
    http_parser.rb (0.6.0)
    httparty (0.13.5)
      json (~> 1.8)
      multi_xml (>= 0.5.2)
    i18n (0.7.0)
    ice_nine (0.11.1)
    journey (1.0.4)
    jquery-datatables-rails (3.4.0)
      actionpack (>= 3.1)
      jquery-rails
      railties (>= 3.1)
      sass-rails
    jquery-rails (3.1.3)
      railties (>= 3.0, < 5.0)
      thor (>= 0.14, < 2.0)
    json (1.8.3)
    jwt (0.1.11)
      multi_json (>= 1.5)
    kaminari (0.16.1)
      actionpack (>= 3.0.0)
      activesupport (>= 3.0.0)
    kgio (2.9.2)
    kramdown (1.5.0)
    libv8 (3.16.14.7)
    listen (2.10.1)
      celluloid (~> 0.16.0)
      rb-fsevent (>= 0.9.3)
      rb-inotify (>= 0.9)
    lumberjack (1.0.10)
    mail (2.5.4)
      mime-types (~> 1.16)
      treetop (~> 1.4.8)
    memory_profiler (0.9.6)
    method_source (0.8.2)
    mime-types (1.25.1)
    mini_magick (4.2.0)
    mock_redis (0.13.2)
    money (5.0.0)
      i18n (~> 0.4)
      json
    money-rails (0.5.0)
      activesupport (~> 3.0)
      money (~> 5.0.0)
      railties (~> 3.0)
    multi_json (1.11.2)
    multi_xml (0.5.5)
    multipart-post (2.0.0)
    nenv (0.3.0)
    net-scp (1.0.4)
      net-ssh (>= 1.99.1)
    net-ssh (2.8.0)
    netrc (0.10.3)
    nokogiri (1.5.11)
    notiffany (0.0.8)
      nenv (~> 0.1)
      shellany (~> 0.0)
    oauth2 (0.9.3)
      faraday (>= 0.8, < 0.10)
      jwt (~> 0.1.8)
      multi_json (~> 1.3)
      multi_xml (~> 0.5)
      rack (~> 1.2)
    omniauth (1.2.2)
      hashie (>= 1.2, < 4)
      rack (~> 1.0)
    omniauth-facebook (1.6.0)
      omniauth-oauth2 (~> 1.1)
    omniauth-oauth2 (1.1.2)
      faraday (>= 0.8, < 0.10)
      multi_json (~> 1.3)
      oauth2 (~> 0.9.3)
      omniauth (~> 1.2)
    omniauth-strava (0.0.6)
      omniauth (~> 1.0)
      omniauth-oauth2 (~> 1.0)
    parser (2.3.0.6)
      ast (~> 2.2)
    pg (0.17.1)
    pg_search (0.7.3)
      activerecord (>= 3.1)
      activesupport (>= 3.1)
      arel
    polyglot (0.3.5)
    powerpack (0.1.1)
    pry (0.10.3)
      coderay (~> 1.1.0)
      method_source (~> 0.8.1)
      slop (~> 3.4)
    rack (1.4.7)
    rack-accept (0.4.5)
      rack (>= 0.4)
    rack-cache (1.6.1)
      rack (>= 0.4)
    rack-contrib (1.1.0)
      rack (>= 0.9.1)
    rack-mini-profiler (0.9.9.2)
      rack (>= 1.2.0)
    rack-mount (0.8.3)
      rack (>= 1.0.0)
    rack-protection (1.5.3)
      rack
    rack-ssl (1.3.4)
      rack
    rack-test (0.6.3)
      rack (>= 1.0)
    rack-throttle (0.4.0)
      rack (>= 1.0.0)
    rails (3.2.22)
      actionmailer (= 3.2.22)
      actionpack (= 3.2.22)
      activerecord (= 3.2.22)
      activeresource (= 3.2.22)
      activesupport (= 3.2.22)
      bundler (~> 1.0)
      railties (= 3.2.22)
    rails-assets-Stickyfill (1.1.3)
    rails-assets-headroom.js (0.7.0)
    rails-assets-jquery (2.2.3)
    rails-assets-jquery.dirtyforms (2.0.0)
      rails-assets-jquery (>= 1.4.2)
    rails-assets-lodash (4.9.0)
    rails-assets-microplugin (0.0.3)
    rails-assets-mustache (2.2.1)
    rails-assets-pikaday (1.4.0)
    rails-assets-selectize (0.12.1)
      rails-assets-jquery (>= 1.7.0)
      rails-assets-microplugin (~> 0.0.0)
      rails-assets-sifter (~> 0.4.0)
    rails-assets-sifter (0.4.5)
    rails-assets-tether (1.1.1)
    railties (3.2.22)
      actionpack (= 3.2.22)
      activesupport (= 3.2.22)
      rack-ssl (~> 1.3.2)
      rake (>= 0.8.7)
      rdoc (~> 3.4)
      thor (>= 0.14.6, < 2.0)
    rainbow (2.1.0)
    raindrops (0.13.0)
    rake (10.5.0)
    rake-compiler (0.9.7)
      rake
    rb-fsevent (0.9.7)
    rb-inotify (0.9.7)
      ffi (>= 0.5.0)
    rb-readline (0.5.1)
    rdoc (3.12.2)
      json (~> 1.4)
    redis (3.2.2)
    ref (1.0.5)
    request_store (1.3.1)
    rerun (0.10.0)
      listen (~> 2.7, >= 2.7.3)
    rest-client (1.8.0)
      http-cookie (>= 1.0.2, < 2.0)
      mime-types (>= 1.16, < 3.0)
      netrc (~> 0.7)
    rmagick (2.14.0)
    rollout (2.2.3)
    rqrcode (0.4.2)
    rqrcode-rails3 (0.1.7)
      rqrcode (>= 0.4.2)
    rspec (3.3.0)
      rspec-core (~> 3.3.0)
      rspec-expectations (~> 3.3.0)
      rspec-mocks (~> 3.3.0)
    rspec-core (3.3.2)
      rspec-support (~> 3.3.0)
    rspec-expectations (3.3.1)
      diff-lcs (>= 1.2.0, < 2.0)
      rspec-support (~> 3.3.0)
    rspec-mocks (3.3.2)
      diff-lcs (>= 1.2.0, < 2.0)
      rspec-support (~> 3.3.0)
    rspec-rails (3.3.3)
      actionpack (>= 3.0, < 4.3)
      activesupport (>= 3.0, < 4.3)
      railties (>= 3.0, < 4.3)
      rspec-core (~> 3.3.0)
      rspec-expectations (~> 3.3.0)
      rspec-mocks (~> 3.3.0)
      rspec-support (~> 3.3.0)
    rspec-sidekiq (2.2.0)
      rspec (~> 3.0, >= 3.0.0)
      sidekiq (>= 2.4.0)
    rspec-support (3.3.0)
    rubocop (0.37.2)
      parser (>= 2.3.0.4, < 3.0)
      powerpack (~> 0.1)
      rainbow (>= 1.99.1, < 3.0)
      ruby-progressbar (~> 1.7)
      unicode-display_width (~> 0.3)
    ruby-hmac (0.4.0)
    ruby-progressbar (1.7.5)
    sass (3.4.22)
    sass-rails (3.2.6)
      railties (~> 3.2.0)
      sass (>= 3.1.10)
      tilt (~> 1.3)
    secure_headers (2.0.1)
    shellany (0.0.1)
    shoulda-matchers (2.8.0)
      activesupport (>= 3.0.0)
    sidekiq (4.1.1)
      concurrent-ruby (~> 1.0)
      connection_pool (~> 2.2, >= 2.2.0)
      redis (~> 3.2, >= 3.2.1)
    sidekiq-failures (0.4.5)
      sidekiq (>= 2.16.0)
    sidekiq-unique-jobs (3.0.2)
      mock_redis
      sidekiq (>= 2.6)
    simplecov (0.8.2)
      docile (~> 1.1.0)
      multi_json
      simplecov-html (~> 0.8.0)
    simplecov-html (0.8.0)
    sinatra (1.4.6)
      rack (~> 1.4)
      rack-protection (~> 1.4)
      tilt (>= 1.3, < 3)
    sitemap_generator (5.0.2)
      builder
    slop (3.6.0)
    soulheart (0.2.6)
      hiredis (~> 0.4, >= 0.4.5)
      multi_json (~> 1.11, >= 1.11.2)
      redis (~> 3.0, >= 3.0.5)
      sinatra (~> 1.4, >= 1.4.4)
      vegas (~> 0.1, >= 0.1.0)
    sparkpost (0.1.2)
      http (= 0.9.8)
    sprockets (2.2.3)
      hike (~> 1.2)
      multi_json (~> 1.0)
      rack (~> 1.0)
      tilt (~> 1.1, != 1.3.0)
    stackprof (0.2.8)
    strong_parameters (0.2.3)
      actionpack (~> 3.0)
      activemodel (~> 3.0)
      activesupport (~> 3.0)
      railties (~> 3.0)
    swagger-ui_rails (0.1.7)
    temple (0.7.6)
    therubyracer (0.12.2)
      libv8 (~> 3.16.14.0)
      ref
    thor (0.19.1)
    thread_safe (0.3.5)
    tilt (1.4.1)
    timers (4.0.4)
      hitimes
    treetop (1.4.15)
      polyglot
      polyglot (>= 0.3.1)
    tzinfo (0.3.44)
    uglifier (2.7.2)
      execjs (>= 0.3.0)
      json (>= 1.8.0)
    unf (0.1.4)
      unf_ext
    unf_ext (0.0.7.1)
    unicode-display_width (0.3.1)
    unicorn (4.8.2)
      kgio (~> 2.6)
      rack
      raindrops (~> 0.7)
    unicorn-worker-killer (0.4.2)
      unicorn (~> 4)
    uuidtools (2.1.4)
    vegas (0.1.11)
      rack (>= 1.0.0)
    virtus (1.0.5)
      axiom-types (~> 0.1)
      coercible (~> 1.0)
      descendants_tracker (~> 0.0, >= 0.0.3)
      equalizer (~> 0.0, >= 0.0.9)
    wicked_pdf (0.10.2)
      rails
    wine_bouncer (0.3.1)
      doorkeeper (>= 1.4, < 2.2)
      grape (~> 0.8, < 0.12)
    wkhtmltopdf-binary (0.9.9.1)

PLATFORMS
  ruby

DEPENDENCIES
  active_model_serializers
  acts_as_paranoid (~> 0.4.0)
  api-pagination
  aws-sdk (~> 1.3.4)
  backbone-on-rails (~> 0.9.10.0)
  bcrypt-ruby (~> 3.0.0)
  bootstrap (~> 4.0.0.alpha3)
  bundler (>= 1.8.4)
  carrierwave (~> 0.9.0)
  carrierwave_backgrounder
  chartkick
  codeclimate-test-reporter
  coffee-rails (~> 3.2.2)
  dalli
  database_cleaner
  doorkeeper (~> 2.0.1)
  dotenv-rails
  draper
  eventmachine (~> 1.0.3)
  factory_girl_rails (~> 4.2.1)
  fast_blank (~> 1.0)
  flamegraph
  fog
  foreman
  geocoder
  grape
  grape-active_model_serializers!
  grape-swagger
  groupdate
  guard
  guard-rspec (~> 4.6.4)
  guard-rubocop
  haml-rails
  hamlit
  high_voltage
  honeybadger (~> 2.0)
  i18n
  journey (~> 1.0.3)
  jquery-datatables-rails (~> 3.4.0)
  jquery-rails
  kaminari
  kramdown
  libv8 (~> 3.16.14.7)
  memory_profiler
  mini_magick
  money-rails (~> 0.5.0)
  nokogiri
  omniauth
  omniauth-facebook
  omniauth-strava
  pg
  pg_search
  pry
  rack-contrib
  rack-mini-profiler
  rack-throttle
  rails (= 3.2.22)
  rails-assets-Stickyfill (~> 1.1.3)!
  rails-assets-headroom.js (~> 0.7.0)!
  rails-assets-jquery.dirtyforms (~> 2.0.0)!
  rails-assets-lodash (~> 4.9.0)!
  rails-assets-mustache (~> 2.2.1)!
  rails-assets-pikaday (~> 1.4.0)!
  rails-assets-selectize (~> 0.12.1)!
  rails-assets-tether (~> 1.1.0)!
  rake (< 11)
  rb-fsevent (~> 0.9.1)
  rb-readline (~> 0.5.0)
  redis
  rerun
  rmagick
  rollout
  rqrcode-rails3
  rspec (~> 3.3.0)
  rspec-rails (~> 3.3.0)
  rspec-sidekiq (~> 2.2.0)
  sass-rails (~> 3.2.6)
  secure_headers
  shoulda-matchers (~> 2.8.0)
  sidekiq (~> 4.1.1)
  sidekiq-failures
  sidekiq-unique-jobs
  sitemap_generator
  soulheart (~> 0.2.6)
  sparkpost
  stackprof
  stripe!
  strong_parameters
  swagger-ui_rails
  therubyracer (~> 0.12.1)
  uglifier (~> 2.7.2)
  unicorn
  unicorn-worker-killer
  wicked_pdf
  wine_bouncer
  wkhtmltopdf-binary

BUNDLED WITH
   1.12.0.rc.4
